GIT
  remote: git://github.com/ghazel/daemons.git
  revision: b2802ff2af2a9e0981998869308d60a8965222a4
  specs:
    daemons (1.0.12)

GEM
  specs:
    columnize (0.3.1)
    eventmachine (0.12.10)
    linecache (0.43)
    mechanize (1.0.0)
      nokogiri (>= 1.2.1)
    mime-types (1.16)
    nokogiri (1.4.3.1)
    pony (0.6)
      mime-types (>= 1.16)
      tmail (~> 1.0)
    rake (0.8.7)
    redis (2.1.1)
    rspec (1.3.0)
    ruby-debug (0.10.3)
      columnize (>= 0.1)
      ruby-debug-base (~> 0.10.3.0)
    ruby-debug-base (0.10.3)
      linecache (>= 0.3)
    tmail (1.2.7.1)

PLATFORMS
  ruby

DEPENDENCIES
  daemons (= 1.0.12)!
  eventmachine
  mechanize
  pony
  rake
  redis
  rspec
  ruby-debug
