GIT
  remote: git://github.com/ghazel/daemons.git
  revision: b2802ff2af2a9e0981998869308d60a8965222a4
  specs:
    daemons (1.0.12)

GEM
  specs:
    archive-tar-minitar (0.5.2)
    columnize (0.3.1)
    eventmachine (0.12.10)
    linecache19 (0.5.11)
      ruby_core_source (>= 0.1.4)
    mechanize (1.0.0)
      nokogiri (>= 1.2.1)
    mime-types (1.16)
    nokogiri (1.4.3.1)
    pony (0.6)
      mime-types (>= 1.16)
      tmail (~> 1.0)
    rake (0.8.7)
    redis (2.1.1)
    rspec (1.3.0)
    ruby-debug-base19 (0.11.24)
      columnize (>= 0.3.1)
      linecache19 (>= 0.5.11)
      ruby_core_source (>= 0.1.4)
    ruby-debug19 (0.11.6)
      columnize (>= 0.3.1)
      linecache19 (>= 0.5.11)
      ruby-debug-base19 (>= 0.11.19)
    ruby_core_source (0.1.4)
      archive-tar-minitar (>= 0.5.2)
    tmail (1.2.7.1)

PLATFORMS
  ruby

DEPENDENCIES
  daemons (= 1.0.12)!
  eventmachine
  mechanize
  pony
  rake
  redis
  rspec
  ruby-debug19
